PATH
  remote: .
  specs:
    fluent-plugin-syslog (0.0.1)

GEM
  remote: http://rubygems.org/
  specs:
    cool.io (1.4.3)
    fluentd (0.12.22)
      cool.io (>= 1.2.2, < 2.0.0)
      http_parser.rb (>= 0.5.1, < 0.7.0)
      json (>= 1.4.3)
      msgpack (>= 0.5.11, < 0.6.0)
      sigdump (~> 0.2.2)
      string-scrub (>= 0.0.3)
      tzinfo (>= 1.0.0)
      tzinfo-data (>= 1.0.0)
      yajl-ruby (~> 1.0)
    http_parser.rb (0.6.0)
    json (1.8.3)
    msgpack (0.5.12)
    rake (11.1.2)
    sigdump (0.2.4)
    string-scrub (0.0.5)
    thread_safe (0.3.5)
    tzinfo (1.2.2)
      thread_safe (~> 0.1)
    tzinfo-data (1.2016.4)
      tzinfo (>= 1.0.0)
    yajl-ruby (1.2.1)

PLATFORMS
  ruby

DEPENDENCIES
  bundler (~> 1.6)
  fluent-plugin-syslog!
  fluentd
  rake
